PATH
  remote: ../thumper
  specs:
    thumper (0.0.1)
      bunny

GEM
  remote: https://rubygems.org/
  specs:
    amq-protocol (1.9.0)
    aws-sdk (1.30.0)
      json (~> 1.4)
      nokogiri (>= 1.4.4)
      uuidtools (~> 2.1)
    bunny (1.0.6)
      amq-protocol (>= 1.9.0)
    json (1.8.1)
    mini_magick (3.7.0)
      subexec (~> 0.2.1)
    mini_portile (0.5.2)
    nokogiri (1.6.1)
      mini_portile (~> 0.5.0)
    subexec (0.2.3)
    uuidtools (2.1.4)

PLATFORMS
  ruby

DEPENDENCIES
  aws-sdk
  mini_magick
  thumper!
