GEM
  remote: https://rubygems.org/
  specs:
    amq-protocol (1.9.2)
    aws-sdk (1.34.0)
      json (~> 1.4)
      nokogiri (>= 1.4.4)
      uuidtools (~> 2.1)
    bunny (1.1.3)
      amq-protocol (>= 1.9.2)
    json (1.8.1)
    mini_magick (3.7.0)
      subexec (~> 0.2.1)
    mini_portile (0.5.2)
    nokogiri (1.6.1)
      mini_portile (~> 0.5.0)
    subexec (0.2.3)
    uuidtools (2.1.4)

PLATFORMS
  ruby

DEPENDENCIES
  aws-sdk
  bunny
  mini_magick
